GEM
  remote: https://rubygems.org/
  specs:
    ansi (1.4.3)
    diff-lcs (1.2.4)
    faker (1.1.2)
      i18n (~> 0.5)
    i18n (0.6.5)
    rspec (2.14.1)
      rspec-core (~> 2.14.0)
      rspec-expectations (~> 2.14.0)
      rspec-mocks (~> 2.14.0)
    rspec-core (2.14.5)
    rspec-expectations (2.14.2)
      diff-lcs (>= 1.1.3, < 2.0)
    rspec-mocks (2.14.3)
    ruby-progressbar (1.4.1)

PLATFORMS
  ruby

DEPENDENCIES
  ansi
  faker
  rspec
  ruby-progressbar
